PATH
  remote: .
  specs:
    slack_cli (0.1.0)
      dotenv (~> 2.2)
      puma (~> 3.11)
      rack (~> 2.0)

GEM
  remote: https://rubygems.org/
  specs:
    diff-lcs (1.3)
    dotenv (2.2.1)
    puma (3.11.2)
    rack (2.0.3)
    rake (10.5.0)
    rspec (3.7.0)
      rspec-core (~> 3.7.0)
      rspec-expectations (~> 3.7.0)
      rspec-mocks (~> 3.7.0)
    rspec-core (3.7.1)
      rspec-support (~> 3.7.0)
    rspec-expectations (3.7.0)
      diff-lcs (>= 1.2.0, < 2.0)
      rspec-support (~> 3.7.0)
    rspec-mocks (3.7.0)
      diff-lcs (>= 1.2.0, < 2.0)
      rspec-support (~> 3.7.0)
    rspec-support (3.7.1)

PLATFORMS
  ruby

DEPENDENCIES
  bundler (~> 1.15)
  rake (~> 10.0)
  rspec (~> 3.0)
  slack_cli!

BUNDLED WITH
   1.15.4
